GIT
  remote: git://github.com/chriseppstein/compass
  revision: d94f27b867ab959e7bcea84ed11a9c619a52320d
  branch: master
  specs:
    compass (0.13.alpha.2.d94f27b)
      chunky_png (~> 1.2)
      listen (<= 0.9.9)
      sass (~> 3.2.5)

GIT
  remote: git://github.com/ericam/accoutrement
  revision: 92b0099dd21f0a2238bea582c2559dc71cdddd82
  branch: master
  specs:
    accoutrement (0.0.5)
      compass (>= 0.12.2)

GIT
  remote: git://github.com/ericam/susy
  revision: 0c11935559a5ff1a20d8800499028ca120a3baf3
  branch: master
  specs:
    susy (1.0.5)
      compass (>= 0.12.2)
      sass (>= 3.2.0)

GEM
  remote: http://rubygems.org/
  specs:
    animate (0.2.beta.0)
      compass (>= 0.13.alpha.0)
      sass (>= 3.2.0)
    breakpoint (1.3)
      compass (>= 0.12.1)
      sass (>= 3.2.0)
    chunky_png (1.2.7)
    coderay (1.0.9)
    ffi (1.4.0)
    guard (1.6.2)
      listen (>= 0.6.0)
      lumberjack (>= 1.0.2)
      pry (>= 0.9.10)
      terminal-table (>= 1.4.3)
      thor (>= 0.14.6)
    guard-shell (0.5.1)
      guard (>= 1.1.0)
    listen (0.7.3)
    lumberjack (1.0.2)
    method_source (0.8.1)
    modular-scale (1.0.6)
      compass (>= 0.12.1)
      sass (>= 3.2.0)
      sassy-math (>= 1.5)
    pry (0.9.12)
      coderay (~> 1.0.5)
      method_source (~> 0.8)
      slop (~> 3.4)
    rb-fsevent (0.9.3)
    rb-inotify (0.9.0)
      ffi (>= 0.5.0)
    sass (3.2.6)
    sassy-math (1.5)
      compass (~> 0.11)
    slop (3.4.3)
    terminal-table (1.4.5)
    thor (0.17.0)

PLATFORMS
  ruby

DEPENDENCIES
  accoutrement!
  animate (~> 0.2.beta.0)
  breakpoint (~> 1.3)
  chunky_png (~> 1.2.5)
  compass!
  guard
  guard-shell
  modular-scale (~> 1.0.2)
  rb-fsevent (~> 0.9.1)
  rb-inotify (~> 0.9)
  sass (~> 3.2.1)
  susy!
